GEM
  remote: https://rubygems.org/
  remote: http://gems.rubyforge.org/
  specs:
    activesupport (3.2.13)
      i18n (= 0.6.1)
      multi_json (~> 1.0)
    dropbox-sdk (1.5.1)
      json
    i18n (0.6.1)
    json (1.7.7)
    multi_json (1.7.2)
    rack (1.5.2)
    rack-protection (1.5.0)
      rack
    sinatra (1.4.2)
      rack (~> 1.5, >= 1.5.2)
      rack-protection (~> 1.4)
      tilt (~> 1.3, >= 1.3.4)
    tilt (1.3.6)
    tzinfo (0.3.37)

PLATFORMS
  ruby

DEPENDENCIES
  activesupport (~> 3.2.13)
  dropbox-sdk (~> 1.5.1)
  sinatra (~> 1.4.2)
  tzinfo (~> 0.3.4)
